GEM
  remote: http://rubygems.org/
  specs:
    builder (3.0.0)
    columnize (0.3.4)
    cucumber (1.1.1)
      builder (>= 2.1.2)
      diff-lcs (>= 1.1.2)
      gherkin (~> 2.6.0)
      json (>= 1.4.6)
      term-ansicolor (>= 1.0.6)
    diff-lcs (1.1.3)
    domain_name (0.5.20190701)
      unf (>= 0.0.5, < 1.0.0)
    gherkin (2.6.7)
      json (>= 1.4.6)
    http-cookie (1.0.3)
      domain_name (~> 0.5)
    json (1.6.3)
    linecache (0.46)
      rbx-require-relative (> 0.0.4)
    mime-types (2.99.3)
    mixlib-shellout (1.0.0.rc.1)
    netrc (0.11.0)
    rbx-require-relative (0.0.5)
    rest-client (1.8.0)
      http-cookie (>= 1.0.2, < 2.0)
      mime-types (>= 1.16, < 3.0)
      netrc (~> 0.7)
    rspec-expectations (2.7.0)
      diff-lcs (~> 1.1.2)
    ruby-debug (0.10.4)
      columnize (>= 0.1)
      ruby-debug-base (~> 0.10.4.0)
    ruby-debug-base (0.10.4)
      linecache (>= 0.3)
    term-ansicolor (1.0.7)
    unf (0.1.4)
      unf_ext
    unf_ext (0.0.7.6)

PLATFORMS
  ruby

DEPENDENCIES
  cucumber
  mixlib-shellout
  rest-client
  rspec-expectations
  ruby-debug
